PATH
  remote: .
  specs:
    gps (0.0.2)
      activesupport (= 2.3.2)
      json (= 1.2.4)
      mime-types (= 1.18)
      typhoeus (= 0.2.4)

GEM
  remote: http://rubygems.org/
  specs:
    activesupport (2.3.2)
    coderay (1.1.0)
    diff-lcs (1.1.3)
    json (1.2.4)
    method_source (0.8.2)
    mime-types (1.18)
    pry (0.10.0)
      coderay (~> 1.1.0)
      method_source (~> 0.8.1)
      slop (~> 3.4)
    rake (10.3.2)
    rspec (2.12.0)
      rspec-core (~> 2.12.0)
      rspec-expectations (~> 2.12.0)
      rspec-mocks (~> 2.12.0)
    rspec-core (2.12.2)
    rspec-expectations (2.12.1)
      diff-lcs (~> 1.1.3)
    rspec-mocks (2.12.2)
    slop (3.4.6)
    typhoeus (0.2.4)
      mime-types
      mime-types
    uuidtools (2.1.2)

PLATFORMS
  ruby

DEPENDENCIES
  gps!
  pry
  rake (>= 10.0.0)
  rspec (~> 2.12.0)
  uuidtools (= 2.1.2)
